GEM
  remote: https://rubygems.org/
  specs:
    coderay (1.1.2)
    colorize (0.8.1)
    method_source (0.9.2)
    mini_portile2 (2.6.1)
    nokogiri (1.12.5)
      mini_portile2 (~> 2.6.1)
      racc (~> 1.4)
    pry (0.12.2)
      coderay (~> 1.1.0)
      method_source (~> 0.9.0)
    racc (1.5.2)
    rake (13.0.0)
    require_all (2.0.0)

PLATFORMS
  ruby

DEPENDENCIES
  colorize
  nokogiri
  pry
  rake
  require_all

BUNDLED WITH
   2.0.1
